GEM
  remote: https://rubygems.org/
  remote: http://gems.github.com/
  specs:
    contest (0.1.3)
    haml (3.1.7)
    json_pure (1.7.6)
    rack (1.4.1)
    rack-protection (1.3.2)
      rack
    rake (10.0.3)
    redgreen (1.2.2)
    rubyforge (2.0.4)
      json_pure (>= 1.1.7)
    sass (3.2.4)
    sinatra (1.3.3)
      rack (~> 1.3, >= 1.3.6)
      rack-protection (~> 1.2)
      tilt (~> 1.3, >= 1.3.3)
    sinatra-content-for (0.1)
      contest
      redgreen
      sinatra
      sr-mg
    sr-mg (0.0.5)
      rake
      rubyforge
    tilt (1.3.3)

PLATFORMS
  ruby

DEPENDENCIES
  haml
  sass
  sinatra
  sinatra-content-for
